PATH
  remote: .
  specs:
    subexec (0.2.3)

GEM
  remote: https://rubygems.org/
  specs:
    coderay (1.0.6)
    diff-lcs (1.1.3)
    method_source (0.7.1)
    posix-spawn (0.3.8)
    pry (0.9.8.4)
      coderay (~> 1.0.5)
      method_source (~> 0.7.1)
      slop (>= 2.4.4, < 3)
    pry (0.9.8.4-java)
      coderay (~> 1.0.5)
      method_source (~> 0.7.1)
      slop (>= 2.4.4, < 3)
      spoon (~> 0.0)
    pry-nav (0.2.0)
      pry (~> 0.9.8.1)
    rake (0.9.2.2)
    rspec (2.7.0)
      rspec-core (~> 2.7.0)
      rspec-expectations (~> 2.7.0)
      rspec-mocks (~> 2.7.0)
    rspec-core (2.7.1)
    rspec-expectations (2.7.0)
      diff-lcs (~> 1.1.2)
    rspec-mocks (2.7.0)
    slop (2.4.4)
    spoon (0.0.1)

PLATFORMS
  java
  ruby

DEPENDENCIES
  posix-spawn
  pry
  pry-nav
  rake
  rspec (~> 2.7.0)
  subexec!
